GEM
  remote: https://rubygems.org/
  specs:
    rack (2.0.5)
    rack_csrf (2.6.0)
      rack (>= 1.1.0)
    rake (12.3.1)
    roda (3.10.0)
      rack

PLATFORMS
  ruby

DEPENDENCIES
  bundler
  rack_csrf
  rake
  roda

RUBY VERSION
   ruby 2.3.3p222

BUNDLED WITH
   1.13.6
