GEM
  remote: https://rubygems.org/
  specs:
    cells (4.1.7)
      declarative-builder (< 0.2.0)
      declarative-option (< 0.2.0)
      tilt (>= 1.4, < 3)
      uber (< 0.2.0)
    cells-slim (0.0.6)
      cells (>= 4.0.1, < 6.0.0)
      slim (~> 3.0)
    declarative-builder (0.1.0)
      declarative-option (< 0.2.0)
    declarative-option (0.1.0)
    rack (2.0.5)
    rack_csrf (2.6.0)
      rack (>= 1.1.0)
    rake (12.3.1)
    roda (3.10.0)
      rack
    slim (3.0.9)
      temple (>= 0.7.6, < 0.9)
      tilt (>= 1.3.3, < 2.1)
    temple (0.8.0)
    tilt (2.0.8)
    trailblazer-cells (0.0.3)
      cells (>= 4.1.0.rc1, < 5.0.0)
    trailblazer-loader (0.1.2)
    uber (0.1.0)

PLATFORMS
  ruby

DEPENDENCIES
  bundler
  cells-slim
  rack_csrf
  rake
  roda
  trailblazer-cells
  trailblazer-loader

RUBY VERSION
   ruby 2.3.3p222

BUNDLED WITH
   1.14.6
